GEM
  remote: http://rubygems.org/
  specs:
    activemodel (3.0.5)
      activesupport (= 3.0.5)
      builder (~> 2.1.2)
      i18n (~> 0.4)
    activesupport (3.0.5)
    addressable (2.2.6)
    beefcake (0.3.2)
    builder (2.1.2)
    heroku (2.14.0)
      launchy (>= 0.3.2)
      rest-client (~> 1.6.1)
      rubyzip
      term-ansicolor (~> 1.0.5)
    i18n (0.6.0)
    launchy (2.0.5)
      addressable (~> 2.2.6)
    mime-types (1.17.2)
    rack (1.3.5)
    rack-protection (1.1.4)
      rack
    redcarpet (1.17.2)
    rest-client (1.6.7)
      mime-types (>= 1.16)
    riak-client (0.9.8)
      beefcake (= 0.3.2)
      builder (~> 2.1.2)
      i18n (>= 0.4.0)
    ripple (0.9.5)
      activemodel (~> 3.0.0)
      activesupport (~> 3.0.0)
      riak-client (~> 0.9.5)
    rubyzip (0.9.5)
    sass (3.1.11)
    sinatra (1.3.1)
      rack (~> 1.3, >= 1.3.4)
      rack-protection (~> 1.1, >= 1.1.2)
      tilt (~> 1.3, >= 1.3.3)
    slim (1.0.4)
      temple (~> 0.3.4)
      tilt (~> 1.3.2)
    temple (0.3.4)
    term-ansicolor (1.0.7)
    tilt (1.3.3)

PLATFORMS
  ruby

DEPENDENCIES
  heroku
  rack
  redcarpet
  ripple
  sass
  sinatra
  slim
